GEM
  remote: https://rubygems.org/
  specs:
    diff-lcs (1.2.5)
    rake (12.3.3)
    rspec (2.14.1)
      rspec-core (~> 2.14.0)
      rspec-expectations (~> 2.14.0)
      rspec-mocks (~> 2.14.0)
    rspec-core (2.14.7)
    rspec-expectations (2.14.4)
      diff-lcs (>= 1.1.3, < 2.0)
    rspec-mocks (2.14.4)
    vimrunner (0.3.0)

PLATFORMS
  ruby

DEPENDENCIES
  rake
  rspec
  vimrunner
